PATH
  remote: .
  specs:
    mal_parser (0.2.0)
      attr_extras
      nokogiri

GEM
  remote: https://rubygems.org/
  specs:
    addressable (2.7.0)
      public_suffix (>= 2.0.2, < 5.0)
    ast (2.4.1)
    attr_extras (6.2.4)
    awesome_print (1.8.0)
    binding_of_caller (0.8.0)
      debug_inspector (>= 0.0.1)
    byebug (11.1.3)
    coderay (1.1.3)
    crack (0.4.3)
      safe_yaml (~> 1.0.0)
    debug_inspector (0.0.3)
    diff-lcs (1.4.4)
    ffi (1.13.1)
    formatador (0.2.5)
    guard (2.16.2)
      formatador (>= 0.2.4)
      listen (>= 2.7, < 4.0)
      lumberjack (>= 1.0.12, < 2.0)
      nenv (~> 0.1)
      notiffany (~> 0.0)
      pry (>= 0.9.12)
      shellany (~> 0.0)
      thor (>= 0.18.1)
    guard-bundler (2.2.1)
      bundler (>= 1.3.0, < 3)
      guard (~> 2.2)
      guard-compat (~> 1.1)
    guard-compat (1.2.1)
    guard-rspec (4.7.3)
      guard (~> 2.1)
      guard-compat (~> 1.1)
      rspec (>= 2.99.0, < 4.0)
    guard-rubocop (1.3.0)
      guard (~> 2.0)
      rubocop (~> 0.20)
    hashdiff (1.0.1)
    listen (3.2.1)
      rb-fsevent (~> 0.10, >= 0.10.3)
      rb-inotify (~> 0.9, >= 0.9.10)
    lumberjack (1.2.8)
    method_source (1.0.0)
    mini_portile2 (2.6.1)
    nenv (0.3.0)
    nokogiri (1.12.5)
      mini_portile2 (~> 2.6.1)
      racc (~> 1.4)
    notiffany (0.1.3)
      nenv (~> 0.1)
      shellany (~> 0.0)
    parallel (1.19.2)
    parser (2.7.1.4)
      ast (~> 2.4.1)
    pry (0.13.1)
      coderay (~> 1.1)
      method_source (~> 1.0)
    pry-byebug (3.9.0)
      byebug (~> 11.0)
      pry (~> 0.13.0)
    pry-stack_explorer (0.5.1)
      binding_of_caller (~> 0.7)
      pry (~> 0.13)
    public_suffix (4.0.6)
    racc (1.5.2)
    rainbow (3.0.0)
    rake (13.0.1)
    rb-fchange (0.0.6)
      ffi
    rb-fsevent (0.10.4)
    rb-inotify (0.10.1)
      ffi (~> 1.0)
    regexp_parser (1.7.1)
    rexml (3.2.5)
    rspec (3.9.0)
      rspec-core (~> 3.9.0)
      rspec-expectations (~> 3.9.0)
      rspec-mocks (~> 3.9.0)
    rspec-collection_matchers (1.2.0)
      rspec-expectations (>= 2.99.0.beta1)
    rspec-core (3.9.2)
      rspec-support (~> 3.9.3)
    rspec-expectations (3.9.2)
      diff-lcs (>= 1.2.0, < 2.0)
      rspec-support (~> 3.9.0)
    rspec-mocks (3.9.1)
      diff-lcs (>= 1.2.0, < 2.0)
      rspec-support (~> 3.9.0)
    rspec-support (3.9.3)
    rubocop (0.91.0)
      parallel (~> 1.10)
      parser (>= 2.7.1.1)
      rainbow (>= 2.2.2, < 4.0)
      regexp_parser (>= 1.7)
      rexml
      rubocop-ast (>= 0.4.0, < 1.0)
      ruby-progressbar (~> 1.7)
      unicode-display_width (>= 1.4.0, < 2.0)
    rubocop-ast (0.4.1)
      parser (>= 2.7.1.4)
    ruby-progressbar (1.10.1)
    safe_yaml (1.0.5)
    shellany (0.0.1)
    thor (1.0.1)
    unicode-display_width (1.7.0)
    vcr (6.0.0)
    webmock (3.9.1)
      addressable (>= 2.3.6)
      crack (>= 0.3.2)
      hashdiff (>= 0.4.0, < 2.0.0)

PLATFORMS
  ruby

DEPENDENCIES
  awesome_print
  bundler
  guard
  guard-bundler
  guard-rspec
  guard-rubocop
  mal_parser!
  pry-byebug
  pry-stack_explorer
  rake
  rb-fchange
  rb-fsevent
  rb-inotify
  rspec
  rspec-collection_matchers
  vcr
  webmock

BUNDLED WITH
   1.17.2
